PATH
  remote: .
  specs:
    backup (3.0.0)
      fog (~> 0.5.3)
      mail (~> 2.2.15)
      thor (~> 0.14.6)

GEM
  remote: http://rubygems.org/
  specs:
    activesupport (3.0.4)
    builder (3.0.0)
    diff-lcs (1.1.2)
    excon (0.5.6)
    fog (0.5.3)
      builder
      excon (>= 0.5.2)
      formatador (>= 0.0.16)
      json
      mime-types
      net-ssh (>= 2.0.23)
      nokogiri (>= 1.4.4)
      ruby-hmac
    formatador (0.0.16)
    fuubar (0.0.3)
      rspec (~> 2.0)
      rspec-instafail (~> 0.1.4)
      ruby-progressbar (~> 0.0.9)
    i18n (0.5.0)
    infinity_test (1.0.2)
      notifiers (>= 1.1.0)
      watchr (>= 0.7)
    json (1.5.1)
    mail (2.2.15)
      activesupport (>= 2.3.6)
      i18n (>= 0.4.0)
      mime-types (~> 1.16)
      treetop (~> 1.4.8)
    mime-types (1.16)
    mocha (0.9.12)
    net-ssh (2.1.0)
    nokogiri (1.4.4)
    notifiers (1.1.0)
    polyglot (0.3.1)
    rspec (2.5.0)
      rspec-core (~> 2.5.0)
      rspec-expectations (~> 2.5.0)
      rspec-mocks (~> 2.5.0)
    rspec-core (2.5.1)
    rspec-expectations (2.5.0)
      diff-lcs (~> 1.1.2)
    rspec-instafail (0.1.6)
    rspec-mocks (2.5.0)
    ruby-hmac (0.4.0)
    ruby-progressbar (0.0.9)
    thor (0.14.6)
    timecop (0.3.5)
    treetop (1.4.9)
      polyglot (>= 0.3.1)
    watchr (0.7)

PLATFORMS
  ruby

DEPENDENCIES
  backup!
  fuubar
  infinity_test
  mocha
  rspec
  timecop
